GEM
  specs:
    colorize (0.7.3)

PLATFORMS
  ruby

DEPENDENCIES
  colorize
